PATH
  remote: .
  specs:
    hurley (0.1)

GEM
  remote: https://rubygems.org/
  specs:
    minitest (5.5.0)
    rack (1.6.0)
    rack-protection (1.5.3)
      rack
    sinatra (1.4.5)
      rack (~> 1.4)
      rack-protection (~> 1.4)
      tilt (~> 1.3, >= 1.3.4)
    tilt (1.4.1)

PLATFORMS
  ruby

DEPENDENCIES
  bundler (~> 1.0)
  hurley!
  minitest (~> 5.5.0)
  sinatra (~> 1.4.5)
