PATH
  remote: .
  specs:
    hurley (0.1)

GEM
  remote: https://rubygems.org/
  specs:
    minitest (5.5.0)

PLATFORMS
  ruby

DEPENDENCIES
  bundler (~> 1.0)
  hurley!
  minitest (~> 5.5.0)
